GIT
  remote: https://github.com/appthreat/ruby_ast_gen.git
  revision: 2a9186207494efd93442138ea69cff87a043965a
  ref: v1.0.5
  specs:
    ruby_ast_gen (1.0.5)

GEM
  remote: https://rubygems.org/
  specs:
    ast (2.4.3)
    ostruct (0.6.1)
    parser (3.3.8.0)
      ast (~> 2.4.1)
      racc
    racc (1.8.1)

PLATFORMS
  arm64-darwin-24
  ruby
  x64-mingw-ucrt
  x86_64-darwin-23

DEPENDENCIES
  ostruct (~> 0.6.1)
  parser (~> 3.3.8.0)
  racc (~> 1.8.1)
  ruby_ast_gen!

RUBY VERSION
   ruby 3.4.4p34
