GIT
  remote: https://github.com/appthreat/ruby_ast_gen.git
  revision: df21eaeb39f962c41946ec4391ff20080e4d8218
  ref: v0.34.1
  specs:
    ruby_ast_gen (0.34.0)

GEM
  remote: https://rubygems.org/
  specs:
    ast (2.4.2)
    ostruct (0.6.1)
    parser (3.3.6.0)
      ast (~> 2.4.1)
      racc
    racc (1.8.1)

PLATFORMS
  ruby
  x64-mingw-ucrt
  x86_64-darwin-23

DEPENDENCIES
  ostruct
  parser
  ruby_ast_gen!

RUBY VERSION
   ruby 3.4.1p0

BUNDLED WITH
   2.6.2
