GIT
  remote: https://github.com/appthreat/ruby_ast_gen.git
  revision: 05140cf67b0c70df3cf726c7cc4706d484c8d8cc
  ref: v1.0.0
  specs:
    ruby_ast_gen (1.0.0)

GEM
  remote: https://rubygems.org/
  specs:
    ast (2.4.2)
    ostruct (0.6.1)
    parser (3.3.7.0)
      ast (~> 2.4.1)
      racc
    racc (1.8.1)

PLATFORMS
  arm64-darwin-24
  ruby
  x64-mingw-ucrt
  x86_64-darwin-23

DEPENDENCIES
  ostruct (~> 0.6.1)
  parser (~> 3.3.7.0)
  racc (~> 1.8.1)
  ruby_ast_gen!

RUBY VERSION
   ruby 3.4.1p0

BUNDLED WITH
   2.6.2
